GEM
  remote: https://rubygems.org/
  specs:
    addressable (2.3.6)
    columnize (0.8.9)
    debugger (1.6.8)
      columnize (>= 0.3.1)
      debugger-linecache (~> 1.2.0)
      debugger-ruby_core_source (~> 1.3.5)
    debugger-linecache (1.2.0)
    debugger-ruby_core_source (1.3.5)
    faraday (0.9.0)
      multipart-post (>= 1.2, < 3)
    gitlab (3.2.0)
      httparty
      terminal-table
    god (0.13.4)
    httparty (0.13.1)
      json (~> 1.8)
      multi_xml (>= 0.5.2)
    json (1.8.1)
    multi_xml (0.5.5)
    multipart-post (2.0.0)
    octokit (3.2.0)
      sawyer (~> 0.5.3)
    rugged (0.21.0)
    sawyer (0.5.4)
      addressable (~> 2.3.5)
      faraday (~> 0.8, < 0.10)
    terminal-table (1.4.5)

PLATFORMS
  ruby

DEPENDENCIES
  debugger (= 1.6.8)
  gitlab (~> 3.2.0)
  god (~> 0.13.4)
  octokit (~> 3.0)
  rugged (~> 0.21.0)
